GIT
  remote: https://github.com/i2w/i2w-result.git
  revision: 22a98da2968aaaed1a98aa59be6039a74cb89ac2
  specs:
    i2w-result (0.1.0)
      activemodel (>= 6)

PATH
  remote: .
  specs:
    i2w-data_object (0.1.0)
      activemodel (>= 6)

GEM
  remote: https://rubygems.org/
  specs:
    activemodel (7.0.0)
      activesupport (= 7.0.0)
    activesupport (7.0.0)
      concurrent-ruby (~> 1.0, >= 1.0.2)
      i18n (>= 1.6, < 2)
      minitest (>= 5.1)
      tzinfo (~> 2.0)
    byebug (11.1.3)
    coderay (1.1.3)
    concurrent-ruby (1.1.9)
    i18n (1.8.11)
      concurrent-ruby (~> 1.0)
    method_source (1.0.0)
    minitest (5.15.0)
    pry (0.13.1)
      coderay (~> 1.1)
      method_source (~> 1.0)
    rake (13.0.6)
    ruby_jard (0.3.1)
      byebug (>= 9.1, < 12.0)
      pry (~> 0.13.0)
      tty-screen (~> 0.8.1)
    sqlite3 (1.4.2)
    tty-screen (0.8.1)
    tzinfo (2.0.4)
      concurrent-ruby (~> 1.0)

PLATFORMS
  x86_64-darwin-20

DEPENDENCIES
  activesupport (>= 6)
  i2w-data_object!
  i2w-result!
  rake (>= 13.0.3)
  ruby_jard
  sqlite3

BUNDLED WITH
   2.2.22
